GEM
  remote: https://rubygems.org/
  specs:
    rake (13.1.0)
    ruby-debug-ide (0.7.3)
      rake (>= 0.8.1)

PLATFORMS
  arm64-darwin-23
  ruby

DEPENDENCIES
  ruby-debug-ide

BUNDLED WITH
   2.5.6
