GEM
  remote: https://rubygems.org/
  specs:
    debase (0.2.5.beta2)
      debase-ruby_core_source (>= 0.10.12)
    debase-ruby_core_source (3.3.1)
    rake (13.1.0)
    ruby-debug-ide (0.7.3)
      rake (>= 0.8.1)

PLATFORMS
  arm64-darwin-23
  ruby

DEPENDENCIES
  debase
  ruby-debug-ide

BUNDLED WITH
   2.5.6
